GEM
  remote: http://rubygems.org/
  specs:
    actionmailer (2.1.0)
      actionpack (= 2.1.0)
    actionpack (2.1.0)
      activesupport (= 2.1.0)
    activerecord (2.1.0)
      activesupport (= 2.1.0)
    activeresource (2.1.0)
      activesupport (= 2.1.0)
    activesupport (2.1.0)
    mysql2 (0.2.6)
    rails (2.1.0)
      actionmailer (= 2.1.0)
      actionpack (= 2.1.0)
      activerecord (= 2.1.0)
      activeresource (= 2.1.0)
      activesupport (= 2.1.0)
      rake (>= 0.8.1)
    rake (0.9.2)
    ym4r (0.6.1)

PLATFORMS
  ruby

DEPENDENCIES
  mysql2
  rails (= 2.1.0)
  ym4r
